FRAMEWORK: NET461
NUGET
  remote: https://www.nuget.org/api/v2
    BouncyCastle (1.8.1)
    docopt.net (0.6.1.9) - content: none
    FAKE (4.50)
    FSharp.Core (4.0.0.1) - content: once
    FSharp.Data (2.3.2) - content: once
    gtk-sharp3 (3.22)
    ILRepack (2.0.12)
    WebSocketSharp (1.0.3-rc11) - content: once
